GEM
  remote: https://rubygems.org/
  specs:
    RecastAI (3.2.0)
      httmultiparty (~> 0.3)
      httparty (~> 0.13)
    coderay (1.1.2)
    dotenv (2.2.1)
    figaro (1.1.1)
      thor (~> 0.14)
    httmultiparty (0.3.16)
      httparty (>= 0.7.3)
      mimemagic
      multipart-post
    httparty (0.15.6)
      multi_xml (>= 0.5.2)
    method_source (0.9.0)
    mimemagic (0.3.2)
    multi_xml (0.6.0)
    multipart-post (2.0.0)
    pry (0.11.3)
      coderay (~> 1.1.0)
      method_source (~> 0.9.0)
    rack (1.6.8)
    rack-protection (1.5.3)
      rack
    sinatra (1.4.8)
      rack (~> 1.5)
      rack-protection (~> 1.4)
      tilt (>= 1.3, < 3)
    thor (0.20.0)
    tilt (2.0.8)

PLATFORMS
  ruby

DEPENDENCIES
  RecastAI (~> 3.0)
  dotenv
  figaro (~> 1.1)
  pry
  sinatra (~> 1.4)

BUNDLED WITH
   1.16.0
